GEM
  remote: https://rubygems.org/
  specs:
    activemodel (5.0.6)
      activesupport (= 5.0.6)
    activerecord (5.0.6)
      activemodel (= 5.0.6)
      activesupport (= 5.0.6)
      arel (~> 7.0)
    activesupport (5.0.6)
      concurrent-ruby (~> 1.0, >= 1.0.2)
      i18n (~> 0.7)
      minitest (~> 5.1)
      tzinfo (~> 1.1)
    arel (7.1.4)
    axiom-types (0.1.1)
      descendants_tracker (~> 0.0.4)
      ice_nine (~> 0.11.0)
      thread_safe (~> 0.3, >= 0.3.1)
    builder (3.2.3)
    coderay (1.1.2)
    coercible (1.0.0)
      descendants_tracker (~> 0.0.1)
    concurrent-ruby (1.0.5)
    descendants_tracker (0.0.4)
      thread_safe (~> 0.3, >= 0.3.1)
    dotenv (2.2.1)
    equalizer (0.0.11)
    grape (1.0.1)
      activesupport
      builder
      mustermann-grape (~> 1.0.0)
      rack (>= 1.3.0)
      rack-accept
      virtus (>= 1.0.0)
    grape-rabl (0.4.2)
      grape
      i18n
      rabl
      tilt
    grape-swagger (0.27.3)
      grape (>= 0.16.2)
    hashie (3.5.6)
    hashie-forbidden_attributes (0.1.1)
      hashie (>= 3.0)
    i18n (0.8.6)
    ice_nine (0.11.2)
    jwt (2.1.0)
    method_source (0.8.2)
    minitest (5.10.3)
    mustermann (1.0.1)
    mustermann-grape (1.0.0)
      mustermann (~> 1.0.0)
    otr-activerecord (1.2.4)
      activerecord (>= 4.0, < 5.2)
      hashie-forbidden_attributes (~> 0.1)
    pry (0.10.4)
      coderay (~> 1.1.0)
      method_source (~> 0.8.1)
      slop (~> 3.4)
    puma (3.10.0)
    rabl (0.13.1)
      activesupport (>= 2.3.14)
    rack (2.0.3)
    rack-accept (0.4.5)
      rack (>= 0.4)
    rack-cors (1.0.1)
    rake (12.1.0)
    require_all (1.4.0)
    slop (3.6.0)
    sqlite3 (1.3.13)
    thread_safe (0.3.6)
    tilt (2.0.8)
    tzinfo (1.2.3)
      thread_safe (~> 0.1)
    virtus (1.0.5)
      axiom-types (~> 0.1)
      coercible (~> 1.0)
      descendants_tracker (~> 0.0, >= 0.0.3)
      equalizer (~> 0.0, >= 0.0.9)

PLATFORMS
  ruby

DEPENDENCIES
  activerecord (~> 5.0.2)
  dotenv
  grape
  grape-rabl
  grape-swagger
  jwt
  otr-activerecord
  pry
  puma
  rack-cors
  rake
  require_all
  sqlite3

BUNDLED WITH
   1.15.4
